GEM
  remote: https://rubygems.org/
  specs:
    google-protobuf (3.24.4-arm64-darwin)
    googleapis-common-protos-types (1.9.0)
      google-protobuf (~> 3.18)
    grpc (1.59.0)
      google-protobuf (~> 3.24)
      googleapis-common-protos-types (~> 1.0)
    grpc-tools (1.59.0)

PLATFORMS
  arm64-darwin-22

DEPENDENCIES
  grpc
  grpc-tools

BUNDLED WITH
   2.4.10
